PATH
  remote: .
  specs:
    yesyoucam (0.2)
      bluepotion

GEM
  remote: https://rubygems.org/
  specs:
    bluepotion (0.1.4)
    rake (10.4.2)

PLATFORMS
  ruby

DEPENDENCIES
  rake
  yesyoucam!
